GEM
  remote: http://rubygems.org/
  specs:
    awesome_print (1.0.2)
    fakeweb (1.3.0)
    faraday (0.8.0)
      multipart-post (~> 1.1)
    faraday_middleware (0.8.7)
      faraday (>= 0.7.4, < 0.9)
    git (1.2.5)
    hashie (1.1.0)
    jeweler (1.6.4)
      bundler (~> 1.0)
      git (>= 1.2.5)
      rake
    jnunemaker-matchy (0.4.0)
    json_pure (1.5.1)
    metaclass (0.0.1)
    mocha (0.11.4)
      metaclass (~> 0.0.1)
    multi_json (1.0.2)
    multipart-post (1.1.5)
    rake (0.9.2.2)
    rcov (0.9.9)
    shoulda (2.11.3)

PLATFORMS
  ruby

DEPENDENCIES
  awesome_print
  bundler (~> 1.0)
  fakeweb (~> 1.3)
  faraday (~> 0.8)
  faraday_middleware (>= 0.8)
  hashie (~> 1.0)
  jeweler (~> 1.5)
  jnunemaker-matchy (~> 0.4)
  json_pure (~> 1.4)
  mocha
  multi_json (>= 0.0.5, < 2.0.0)
  rcov
  shoulda
