GEM
  remote: http://rubygems.org/
  specs:
    addressable (2.2.6)
    fakeweb (1.3.0)
    faraday (0.7.4)
      addressable (~> 2.2.6)
      multipart-post (~> 1.1.0)
      rack (>= 1.1.0, < 2)
    faraday_middleware (0.8.1)
      faraday (>= 0.7.4, < 0.9)
    git (1.2.5)
    hashie (1.1.0)
    jeweler (1.6.4)
      bundler (~> 1.0)
      git (>= 1.2.5)
      rake
    jnunemaker-matchy (0.4.0)
    json_pure (1.5.1)
    multi_json (1.0.2)
    multipart-post (1.1.3)
    rack (1.3.2)
    rake (0.9.2)
    rcov (0.9.9)
    shoulda (2.11.3)

PLATFORMS
  ruby

DEPENDENCIES
  bundler (~> 1.0)
  fakeweb (~> 1.3)
  faraday (>= 0.6, < 0.8)
  faraday_middleware (>= 0.8)
  hashie (~> 1.0)
  jeweler (~> 1.5)
  jnunemaker-matchy (~> 0.4)
  json_pure (~> 1.4)
  multi_json (>= 0.0.5, < 2.0.0)
  rcov
  shoulda
