GEM
  remote: http://rubygems.org/
  specs:
    addressable (2.2.6)
    fakeweb (1.3.0)
    faraday (0.6.1)
      addressable (~> 2.2.4)
      multipart-post (~> 1.1.0)
      rack (< 2, >= 1.1.0)
    faraday_middleware (0.6.0)
      faraday (~> 0.6.0)
    git (1.2.5)
    hashie (1.0.0)
    jeweler (1.5.2)
      bundler (~> 1.0.0)
      git (>= 1.2.5)
      rake
    jnunemaker-matchy (0.4.0)
    json_pure (1.5.1)
    multi_json (0.0.5)
    multipart-post (1.1.1)
    rack (1.2.2)
    rake (0.8.7)
    rcov (0.9.9)
    shoulda (2.11.3)

PLATFORMS
  ruby

DEPENDENCIES
  bundler (~> 1.0)
  fakeweb (~> 1.3)
  faraday (~> 0.6)
  faraday_middleware (~> 0.6)
  hashie (~> 1.0)
  jeweler (~> 1.5)
  jnunemaker-matchy (~> 0.4)
  json_pure (~> 1.4)
  multi_json (>= 0.0.5, < 1.0.0)
  rcov
  shoulda
